GEM
  remote: https://rubygems.org/
  specs:
    eventmachine (1.0.8)
    rack (1.6.4)

PLATFORMS
  ruby

DEPENDENCIES
  eventmachine
  rack

BUNDLED WITH
   1.10.6
